PATH
  remote: .
  specs:
    vulcan (0.2.2)
      multipart-post (~> 1.1.3)
      rest-client (~> 1.6.7)
      thor (~> 0.14.6)

GEM
  remote: http://rubygems.org/
  specs:
    mime-types (1.17.2)
    multipart-post (1.1.3)
    rest-client (1.6.7)
      mime-types (>= 1.16)
    thor (0.14.6)

PLATFORMS
  ruby

DEPENDENCIES
  vulcan!
