PATH
  remote: .
  specs:
    vulcan (0.7.2)
      heroku (>= 2.26.0, < 3.0)
      multipart-post (~> 1.1.3)
      rest-client (~> 1.6.7)
      thor (~> 0.14.6)

GEM
  remote: http://rubygems.org/
  specs:
    addressable (2.2.8)
    excon (0.14.1)
    heroku (2.28.2)
      heroku-api (~> 0.2.6)
      launchy (>= 0.3.2)
      netrc (~> 0.7.4)
      rest-client (~> 1.6.1)
      rubyzip
    heroku-api (0.2.6)
      excon (~> 0.14.0)
    launchy (2.1.0)
      addressable (~> 2.2.6)
    mime-types (1.19)
    multipart-post (1.1.5)
    netrc (0.7.4)
    rest-client (1.6.7)
      mime-types (>= 1.16)
    rubyzip (0.9.9)
    thor (0.14.6)

PLATFORMS
  ruby

DEPENDENCIES
  vulcan!
